GIT
  remote: https://github.com/datamapper/devtools.git
  revision: 4966bf72ee01b6f79fcce1301ec4be7ac3c6f8ff
  specs:
    devtools (0.0.1)
      adamantium (~> 0.0.6)
      rake (~> 10.0.3)

GIT
  remote: https://github.com/guard/listen.git
  revision: af4d62bad3425f1f2a57958fa455bfd532d959fc
  specs:
    listen (0.7.2)

GIT
  remote: https://github.com/troessner/reek.git
  revision: ef77fcecaa21c9ebcbe4d9a79d41b0e70196bf18
  ref: ef77fcecaa21c9ebcbe4d9a79d41b0e70196bf18
  specs:
    reek (1.2.13)
      ripper_ruby_parser (~> 0.0.7)
      ruby2ruby (~> 1.2.5)
      ruby_parser (~> 2.0)
      sexp_processor (~> 3.0)

PATH
  remote: .
  specs:
    composition (0.0.1)
      adamantium (~> 0.0.6)
      backports (~> 2.8.2)
      equalizer (~> 0.0.4)

GEM
  remote: https://rubygems.org/
  specs:
    abstract_type (0.0.4)
      backports (~> 2.8.2)
    adamantium (0.0.6)
      backports (~> 2.8.2)
      ice_nine (~> 0.7.0)
    backports (2.8.2)
    coderay (1.0.8)
    descendants_tracker (0.0.1)
    diff-lcs (1.1.3)
    equalizer (0.0.4)
      adamantium (~> 0.0.6)
      backports (~> 2.8.2)
    ffi (1.4.0)
    ffi-hunspell (0.2.6)
      ffi (~> 1.0)
    flay (1.4.3)
      ruby_parser (~> 2.0)
      sexp_processor (~> 3.0)
    flog (2.5.3)
      ruby_parser (~> 2.0)
      sexp_processor (~> 3.0)
    guard (1.6.2)
      listen (>= 0.6.0)
      lumberjack (>= 1.0.2)
      pry (>= 0.9.10)
      terminal-table (>= 1.4.3)
      thor (>= 0.14.6)
    guard-bundler (1.0.0)
      bundler (~> 1.0)
      guard (~> 1.1)
    guard-rspec (2.3.3)
      guard (>= 1.1)
      rspec (~> 2.11)
    ice_nine (0.7.0)
    inflecto (0.0.2)
    libnotify (0.8.0)
      ffi (>= 1.0.11)
    lumberjack (1.0.2)
    method_source (0.8.1)
    multi_json (1.6.1)
    mutant (0.2.17)
      abstract_type (~> 0.0.3)
      adamantium (~> 0.0.6)
      backports (~> 2.8.2)
      descendants_tracker (~> 0.0.1)
      diff-lcs (~> 1.1.3)
      equalizer (~> 0.0.4)
      ice_nine (~> 0.7.0)
      inflecto (~> 0.0.2)
      to_source (~> 0.2.14)
    mutant-melbourne (2.0.3)
    pelusa (0.2.2)
    pry (0.9.12)
      coderay (~> 1.0.5)
      method_source (~> 0.8)
      slop (~> 3.4)
    rake (10.0.3)
    rb-fchange (0.0.6)
      ffi
    rb-fsevent (0.9.3)
    rb-inotify (0.9.0)
      ffi (>= 0.5.0)
    rb-notifu (0.0.4)
    rbench (0.2.3)
    redcarpet (2.2.2)
    ripper_ruby_parser (0.0.8)
      sexp_processor (~> 3.0)
    roodi (2.2.0)
      ruby_parser (~> 2.3.0)
    rspec (2.12.0)
      rspec-core (~> 2.12.0)
      rspec-expectations (~> 2.12.0)
      rspec-mocks (~> 2.12.0)
    rspec-core (2.12.2)
    rspec-expectations (2.12.1)
      diff-lcs (~> 1.1.3)
    rspec-mocks (2.12.2)
    ruby2ruby (1.2.5)
      ruby_parser (~> 2.0)
      sexp_processor (~> 3.0)
    ruby_parser (2.3.1)
      sexp_processor (~> 3.0)
    sexp_processor (3.2.0)
    simplecov (0.7.1)
      multi_json (~> 1.0)
      simplecov-html (~> 0.7.1)
    simplecov-html (0.7.1)
    slop (3.4.3)
    terminal-notifier-guard (1.5.3)
    terminal-table (1.4.5)
    thor (0.17.0)
    to_source (0.2.18)
      abstract_type (~> 0.0.2)
      adamantium (~> 0.0.5)
      equalizer (~> 0.0.3)
      mutant-melbourne (~> 2.0.3)
    yard (0.8.4.1)
    yard-spellcheck (0.1.5)
      ffi-hunspell (~> 0.2)
      yard (~> 0.6)
    yardstick (0.9.2)
      backports (~> 2.8.2)
      yard (~> 0.8.4.1)

PLATFORMS
  ruby

DEPENDENCIES
  composition!
  devtools!
  flay (~> 1.4.3)
  flog (~> 2.5.3)
  guard (~> 1.6.2)
  guard-bundler (~> 1.0.0)
  guard-rspec (~> 2.3.3)
  jruby-openssl (~> 0.8.2)
  libnotify (~> 0.8.0)
  listen (~> 0.7.2)!
  mutant (~> 0.2.17)
  pelusa (~> 0.2.2)
  rake (~> 10.0.3)
  rb-fchange (~> 0.0.6)
  rb-fsevent (~> 0.9.3)
  rb-inotify (~> 0.9.0)
  rb-notifu (~> 0.0.4)
  rbench (~> 0.2.3)
  redcarpet (~> 2.2.2)
  reek (~> 1.2.13)!
  roodi (~> 2.2.0)
  rspec (~> 2.12.0)
  simplecov (~> 0.7.1)
  terminal-notifier-guard (~> 1.5.3)
  yard (~> 0.8.4.1)
  yard-spellcheck (~> 0.1.5)
  yardstick (~> 0.9.2)
